PATH
  remote: .
  specs:
    calamity (0.0.3)
      gli
      sqlite3

GEM
  remote: http://rubygems.org/
  specs:
    gli (1.5.1)
    json (1.6.5)
    rake (0.9.2.2)
    rdoc (3.12)
      json (~> 1.4)
    sqlite3 (1.3.5)

PLATFORMS
  ruby

DEPENDENCIES
  calamity!
  rake
  rdoc
